GEM
  remote: https://rubygems.org/
  specs:
    addressable (2.3.8)
    byebug (9.0.6)
    commander (4.3.5)
      highline (~> 1.7.2)
    crack (0.4.3)
      safe_yaml (~> 1.0.0)
    diff-lcs (1.3)
    faraday (0.9.2)
      multipart-post (>= 1.2, < 3)
    hashdiff (0.3.0)
    highline (1.7.8)
    httparty (0.14.0)
      multi_xml (>= 0.5.2)
    multi_xml (0.5.5)
    multipart-post (2.0.0)
    octokit (4.2.0)
      sawyer (~> 0.6.0, >= 0.5.3)
    one_factorization (0.1.0)
    rspec (3.5.0)
      rspec-core (~> 3.5.0)
      rspec-expectations (~> 3.5.0)
      rspec-mocks (~> 3.5.0)
    rspec-core (3.5.4)
      rspec-support (~> 3.5.0)
    rspec-expectations (3.5.0)
      diff-lcs (>= 1.2.0, < 2.0)
      rspec-support (~> 3.5.0)
    rspec-mocks (3.5.0)
      diff-lcs (>= 1.2.0, < 2.0)
      rspec-support (~> 3.5.0)
    rspec-support (3.5.0)
    safe_yaml (1.0.4)
    sawyer (0.6.0)
      addressable (~> 2.3.5)
      faraday (~> 0.8, < 0.10)
    webmock (2.1.0)
      addressable (>= 2.3.6)
      crack (>= 0.3.2)
      hashdiff

PLATFORMS
  ruby

DEPENDENCIES
  byebug
  commander
  httparty
  octokit
  one_factorization
  rspec
  webmock

RUBY VERSION
   ruby 2.2.3p173

BUNDLED WITH
   1.15.1
